GEM
  remote: http://rubygems.org/
  specs:
    activesupport (5.2.0)
      concurrent-ruby (~> 1.0, >= 1.0.2)
      i18n (>= 0.7, < 2)
      minitest (~> 5.1)
      tzinfo (~> 1.1)
    bson (4.3.0)
    coderay (1.1.2)
    concurrent-ruby (1.0.5)
    diff-lcs (1.3)
    dry-configurable (0.7.0)
      concurrent-ruby (~> 1.0)
    dry-container (0.6.0)
      concurrent-ruby (~> 1.0)
      dry-configurable (~> 0.1, >= 0.1.3)
    dry-core (0.4.6)
      concurrent-ruby (~> 1.0)
    dry-equalizer (0.2.1)
    dry-inflector (0.1.2)
    dry-initializer (2.4.0)
    dry-logic (0.4.2)
      dry-container (~> 0.2, >= 0.2.6)
      dry-core (~> 0.2)
      dry-equalizer (~> 0.2)
    dry-struct (0.5.0)
      dry-core (~> 0.4, >= 0.4.3)
      dry-equalizer (~> 0.2)
      dry-types (~> 0.13)
      ice_nine (~> 0.11)
    dry-types (0.13.1)
      concurrent-ruby (~> 1.0)
      dry-container (~> 0.3)
      dry-core (~> 0.4, >= 0.4.4)
      dry-equalizer (~> 0.2)
      dry-inflector (~> 0.1, >= 0.1.2)
      dry-logic (~> 0.4, >= 0.4.2)
    dry-validation (0.10.7)
      concurrent-ruby (~> 1.0)
      dry-configurable (~> 0.1, >= 0.1.3)
      dry-core (~> 0.2, >= 0.2.1)
      dry-equalizer (~> 0.2)
      dry-logic (~> 0.4, >= 0.4.0)
      dry-types (~> 0.9, >= 0.9.0)
    i18n (1.0.1)
      concurrent-ruby (~> 1.0)
    ice_nine (0.11.2)
    method_source (0.9.0)
    minitest (5.11.3)
    pry (0.11.3)
      coderay (~> 1.1.0)
      method_source (~> 0.9.0)
    rspec (3.7.0)
      rspec-core (~> 3.7.0)
      rspec-expectations (~> 3.7.0)
      rspec-mocks (~> 3.7.0)
    rspec-core (3.7.1)
      rspec-support (~> 3.7.0)
    rspec-dry-struct (0.3.0)
      dry-struct
      rspec
    rspec-expectations (3.7.0)
      diff-lcs (>= 1.2.0, < 2.0)
      rspec-support (~> 3.7.0)
    rspec-mocks (3.7.0)
      diff-lcs (>= 1.2.0, < 2.0)
      rspec-support (~> 3.7.0)
    rspec-support (3.7.1)
    sequel (5.8.0)
    sqlite3 (1.3.13)
    thread_safe (0.3.6)
    timecop (0.9.1)
    tzinfo (1.2.5)
      thread_safe (~> 0.1)
    yard (0.9.12)

PLATFORMS
  ruby

DEPENDENCIES
  activesupport
  bson (~> 4.3)
  dry-initializer
  dry-struct
  dry-validation
  pry
  rspec
  rspec-dry-struct
  sequel
  sqlite3
  timecop
  yard

BUNDLED WITH
   1.16.1
